PATH
  remote: .
  specs:
    bmf (0.2.2)
      haml (~> 4.0.3)
      rdiscount (~> 2.1.6)
      sanitize (~> 2.0.6)
      sinatra (~> 1.4.3)
      sinatra-contrib (~> 1.4.0)
      thin (~> 1.5.1)

GEM
  remote: https://rubygems.org/
  specs:
    backports (3.3.3)
    daemons (1.1.9)
    eventmachine (1.0.3)
    haml (4.0.3)
      tilt
    mini_portile (0.5.1)
    nokogiri (1.6.0)
      mini_portile (~> 0.5.0)
    rack (1.5.2)
    rack-protection (1.5.0)
      rack
    rack-test (0.6.2)
      rack (>= 1.0)
    rdiscount (2.1.6)
    sanitize (2.0.6)
      nokogiri (>= 1.4.4)
    sinatra (1.4.3)
      rack (~> 1.4)
      rack-protection (~> 1.4)
      tilt (~> 1.3, >= 1.3.4)
    sinatra-contrib (1.4.0)
      backports (>= 2.0)
      eventmachine
      rack-protection
      rack-test
      sinatra (~> 1.4.2)
      tilt (~> 1.3)
    thin (1.5.1)
      daemons (>= 1.0.9)
      eventmachine (>= 0.12.6)
      rack (>= 1.0.0)
    tilt (1.4.1)

PLATFORMS
  ruby

DEPENDENCIES
  bmf!
